GIT
  remote: https://github.com/everypolitician/scraped.git
  revision: 7fd43913456af49d32e882d0cb79f3da1f5117ef
  specs:
    scraped (0.6.2)
      field_serializer (>= 0.3.0)
      nokogiri
      require_all

GIT
  remote: https://github.com/everypolitician/scraped_page_archive.git
  revision: a998412b541769fa205406aa56aee1cbb17c99bb
  specs:
    scraped_page_archive (0.5.0)
      git (~> 1.3.0)
      vcr-archive (~> 0.3.0)

GIT
  remote: https://github.com/openaustralia/scraperwiki-ruby.git
  revision: fc50176812505e463077d5c673d504a6a234aa78
  branch: morph_defaults
  specs:
    scraperwiki (3.0.1)
      httpclient
      sqlite_magic

GEM
  remote: https://rubygems.org/
  specs:
    addressable (2.5.2)
      public_suffix (>= 2.0.2, < 4.0)
    ast (2.4.0)
    coderay (1.1.2)
    crack (0.4.3)
      safe_yaml (~> 1.0.0)
    field_serializer (0.3.0)
    git (1.3.0)
    hashdiff (0.3.7)
    httpclient (2.8.3)
    jaro_winkler (1.5.1)
    method_source (0.9.0)
    mini_portile2 (2.3.0)
    nokogiri (1.8.4)
      mini_portile2 (~> 2.3.0)
    open-uri-cached (0.0.5)
    parallel (1.12.1)
    parser (2.5.1.2)
      ast (~> 2.4.0)
    powerpack (0.1.2)
    pry (0.11.3)
      coderay (~> 1.1.0)
      method_source (~> 0.9.0)
    public_suffix (3.0.3)
    rainbow (3.0.0)
    rake (12.3.1)
    require_all (2.0.0)
    rexml (3.2.5)
    rubocop (0.59.1)
      jaro_winkler (~> 1.5.1)
      parallel (~> 1.10)
      parser (>= 2.5, != 2.5.1.1)
      powerpack (~> 0.1)
      rainbow (>= 2.2.2, < 4.0)
      ruby-progressbar (~> 1.7)
      unicode-display_width (~> 1.0, >= 1.0.1)
    ruby-progressbar (1.10.0)
    safe_yaml (1.0.4)
    sqlite3 (1.3.13)
    sqlite_magic (0.0.6)
      sqlite3
    unicode-display_width (1.4.0)
    vcr (3.0.3)
    vcr-archive (0.3.0)
      vcr (~> 3.0.2)
      webmock (~> 2.0.3)
    webmock (2.0.3)
      addressable (>= 2.3.6)
      crack (>= 0.3.2)
      hashdiff

PLATFORMS
  ruby

DEPENDENCIES
  open-uri-cached
  pry
  rake
  rexml (~> 3.2)
  rubocop
  scraped!
  scraped_page_archive!
  scraperwiki!

RUBY VERSION
   ruby 2.5.3p105

BUNDLED WITH
   1.16.6
